GEM
  remote: https://rubygems.org/
  specs:
    concurrent-ruby (1.0.5)
    idn-ruby (0.1.0)
    mini_portile2 (2.3.0)
    nokogiri (1.8.2)
      mini_portile2 (~> 2.3.0)
    power_assert (1.1.1)
    rake (12.3.0)
    robots (0.10.1)
    spidr (0.6.0)
      nokogiri (~> 1.3)
    test-unit (3.2.7)
      power_assert
    twitter-text (2.1.0)
      idn-ruby
      unf (~> 0.1.0)
    unf (0.1.4)
      unf_ext
    unf_ext (0.0.7.5)
    wayback_archiver (1.2.0)
      concurrent-ruby (~> 1.0)
      robots (~> 0.1)
      spidr (~> 0.6.0)
    wayback_machine_downloader (2.2.1)

PLATFORMS
  ruby

DEPENDENCIES
  rake
  test-unit
  twitter-text (~> 2.1)
  wayback_archiver
  wayback_machine_downloader

RUBY VERSION
   ruby 2.3.0p0

BUNDLED WITH
   1.16.1
