GIT
  remote: https://github.com/inventitech/wayback_gem.git
  revision: 230c67f935d20e4bf059099f0397eb7135a12fc3
  submodules: true
  specs:
    wayback (0.3.4)
      faraday
      faraday_middleware
      json

GEM
  remote: https://rubygems.org/
  specs:
    concurrent-ruby (1.0.5)
    faraday (0.14.0)
      multipart-post (>= 1.2, < 3)
    faraday_middleware (0.12.2)
      faraday (>= 0.7.4, < 1.0)
    idn-ruby (0.1.0)
    json (2.1.0)
    mini_portile2 (2.3.0)
    multipart-post (2.0.0)
    nokogiri (1.8.2)
      mini_portile2 (~> 2.3.0)
    robots (0.10.1)
    spidr (0.6.0)
      nokogiri (~> 1.3)
    twitter-text (2.1.0)
      idn-ruby
      unf (~> 0.1.0)
    unf (0.1.4)
      unf_ext
    unf_ext (0.0.7.5)
    wayback_archiver (1.2.0)
      concurrent-ruby (~> 1.0)
      robots (~> 0.1)
      spidr (~> 0.6.0)

PLATFORMS
  ruby

DEPENDENCIES
  twitter-text (~> 2.1)
  wayback (~> 0.3.1)!
  wayback_archiver

RUBY VERSION
   ruby 2.3.0p0

BUNDLED WITH
   1.16.1
